GEM
  remote: https://rubygems.org/
  specs:
    faraday (0.9.2)
      multipart-post (>= 1.2, < 3)
    json (1.8.3)
    multipart-post (2.0.0)
    rake (11.2.2)

PLATFORMS
  ruby

DEPENDENCIES
  faraday
  json
  rake

BUNDLED WITH
   1.11.2
